GEM
  remote: https://rubygems.org/
  specs:
    colored (1.2)
    json (1.8.0)
    rdoc (3.12.2)
      json (~> 1.4)
    rdtool (0.6.38)
    ruby_parser (3.1.3)
      sexp_processor (~> 4.1)
    sdoc (0.3.20)
      json (>= 1.1.3)
      rdoc (~> 3.10)
    sexp_processor (4.2.1)
    tomdoc (0.2.5)
      colored
      ruby_parser (>= 2.0.4)
    yard (0.8.6.1)

PLATFORMS
  ruby

DEPENDENCIES
  rdoc
  rdtool
  sdoc
  tomdoc
  yard
